GEM
  remote: https://rubygems.org/
  specs:
    coveralls (0.7.11)
      multi_json (~> 1.10)
      rest-client (>= 1.6.8, < 2)
      simplecov (~> 0.9.1)
      term-ansicolor (~> 1.3)
      thor (~> 0.19.1)
    diff-lcs (1.2.5)
    docile (1.1.5)
    metaclass (0.0.4)
    mime-types (2.4.3)
    mocha (1.1.0)
      metaclass (~> 0.0.1)
    multi_json (1.10.1)
    netrc (0.10.3)
    rack (1.5.2)
    rack-test (0.6.3)
      rack (>= 1.0)
    rake (10.4.2)
    rest-client (1.7.3)
      mime-types (>= 1.16, < 3.0)
      netrc (~> 0.7)
    rspec (3.2.0)
      rspec-core (~> 3.2.0)
      rspec-expectations (~> 3.2.0)
      rspec-mocks (~> 3.2.0)
    rspec-core (3.2.1)
      rspec-support (~> 3.2.0)
    rspec-expectations (3.2.0)
      diff-lcs (>= 1.2.0, < 2.0)
      rspec-support (~> 3.2.0)
    rspec-mocks (3.2.1)
      diff-lcs (>= 1.2.0, < 2.0)
      rspec-support (~> 3.2.0)
    rspec-support (3.2.2)
    rubytest (0.8.1)
    simplecov (0.9.2)
      docile (~> 1.1.0)
      multi_json (~> 1.0)
      simplecov-html (~> 0.9.0)
    simplecov-html (0.9.0)
    term-ansicolor (1.3.0)
      tins (~> 1.0)
    test (1.0.0)
      rubytest
    thor (0.19.1)
    tins (1.3.4)

PLATFORMS
  ruby

DEPENDENCIES
  coveralls
  mocha
  rack (~> 1.5.2)
  rack-test (~> 0.6.2)
  rake
  rspec
  simplecov
  test
  thor
